GEM
  remote: https://rubygems.org/
  specs:
    daemons (1.1.9)
    dotenv (1.0.2)
    eventmachine (1.0.7)
    faraday (0.9.1)
      multipart-post (>= 1.2, < 3)
    foreman (0.77.0)
      dotenv (~> 1.0.2)
      thor (~> 0.19.1)
    multipart-post (2.0.0)
    newrelic_rpm (3.10.0.279)
    rack (1.6.0)
    rack-protection (1.5.3)
      rack
    shotgun (0.9.1)
      rack (>= 1.0)
    sinatra (1.4.5)
      rack (~> 1.4)
      rack-protection (~> 1.4)
      tilt (~> 1.3, >= 1.3.4)
    thin (1.6.3)
      daemons (~> 1.0, >= 1.0.9)
      eventmachine (~> 1.0)
      rack (~> 1.0)
    thor (0.19.1)
    tilt (1.4.1)
    xml-simple (1.1.5)

PLATFORMS
  ruby

DEPENDENCIES
  faraday
  foreman
  newrelic_rpm
  shotgun
  sinatra
  thin
  xml-simple
